GEM
  remote: https://rubygems.org/
  specs:
    addressable (2.5.2)
      public_suffix (>= 2.0.2, < 4.0)
    faraday (0.13.1)
      multipart-post (>= 1.2, < 3)
    json (2.1.0)
    koala (3.0.0)
      addressable
      faraday
      json (>= 1.8)
    multipart-post (2.0.0)
    public_suffix (3.0.0)

PLATFORMS
  ruby

DEPENDENCIES
  json
  koala

RUBY VERSION
   ruby 2.4.1p111

BUNDLED WITH
   1.15.4
