GEM
  remote: https://rubygems.org/
  specs:
    addressable (2.5.2)
      public_suffix (>= 2.0.2, < 4.0)
    faraday (0.13.1)
      multipart-post (>= 1.2, < 3)
    json (2.1.0)
    koala (3.0.0)
      addressable
      faraday
      json (>= 1.8)
    multipart-post (2.0.0)
    mustermann (1.0.3)
    pg (1.1.1)
    public_suffix (3.0.0)
    rack (2.0.5)
    rack-protection (2.0.3)
      rack
    sinatra (2.0.3)
      mustermann (~> 1.0)
      rack (~> 2.0)
      rack-protection (= 2.0.3)
      tilt (~> 2.0)
    tilt (2.0.8)

PLATFORMS
  ruby

DEPENDENCIES
  json
  koala
  pg
  sinatra

RUBY VERSION
   ruby 2.5.1p57

BUNDLED WITH
   1.16.2
